GEM
  remote: https://rubygems.org/
  specs:
    bubble-wrap (1.8.0)
    rake (10.4.2)

PLATFORMS
  ruby

DEPENDENCIES
  bubble-wrap (~> 1.8.0)
  rake
